NRRD0004
# Complete NRRD file format specification at:
# http://teem.sourceforge.net/nrrd/format.html
type: float
dimension: 4
space: right-anterior-superior
sizes: 7 145 174 145
space directions: none (-1.25,0,0) (0,1.25,0) (0,0,1.25)
kinds: ??? space space space
endian: little
encoding: raw
space origin: (90,-126,-72)
data file: rank32.raw
# This NRRD file was generated by pynrrd
# on 2022-02-02 15:16:03(GMT).
